GEM
  remote: https://rubygems.org/
  specs:
    activesupport (4.2.4)
      i18n (~> 0.7)
      json (~> 1.7, >= 1.7.7)
      minitest (~> 5.1)
      thread_safe (~> 0.3, >= 0.3.4)
      tzinfo (~> 1.1)
    amq-protocol (2.0.0)
    bunny (2.2.0)
      amq-protocol (>= 2.0.0)
    carrot-top (0.0.7)
      json
    hutch (0.19.0)
      activesupport (>= 3.0)
      bunny (>= 2.2.0)
      carrot-top (~> 0.0.7)
      multi_json (~> 1.11.2)
    i18n (0.7.0)
    json (1.8.3)
    minitest (5.8.1)
    multi_json (1.11.2)
    thread_safe (0.3.5)
    tzinfo (1.2.2)
      thread_safe (~> 0.1)

PLATFORMS
  ruby

DEPENDENCIES
  hutch (~> 0.19.0)

BUNDLED WITH
   1.10.6
